GEM
  remote: https://rubygems.org/
  specs:
    backports (3.6.0)
    bootstrap-sass (3.1.1.1)
      sass (~> 3.2)
    byebug (2.2.0)
      columnize (~> 0.3.6)
      debugger-linecache (~> 1.2.0)
    columnize (0.3.6)
    daemons (1.1.9)
    debugger-linecache (1.2.0)
    dotenv (0.7.0)
    eventmachine (1.0.3)
    eventmachine (1.0.3-x86-mingw32)
    foreman (0.67.0-x86-mingw32)
      dotenv (~> 0.7.0)
      thor (~> 0.17.0)
      win32console (~> 1.3.0)
    haml (4.0.5)
      tilt
    multi_json (1.10.0)
    pg (0.17.1-x86-mingw32)
    puma (2.8.2)
      rack (>= 1.1, < 2.0)
    rack (1.5.2)
    rack-protection (1.5.3)
      rack
    rack-test (0.6.2)
      rack (>= 1.0)
    rake (10.3.2)
    sass (3.3.7)
    sequel (4.10.0)
    sinatra (1.4.5)
      rack (~> 1.4)
      rack-protection (~> 1.4)
      tilt (~> 1.3, >= 1.3.4)
    sinatra-contrib (1.4.2)
      backports (>= 2.0)
      multi_json
      rack-protection
      rack-test
      sinatra (~> 1.4.0)
      tilt (~> 1.3)
    sqlite3 (1.3.9-x86-mingw32)
    thin (1.6.2)
      daemons (>= 1.0.9)
      eventmachine (>= 1.0.0)
      rack (>= 1.0.0)
    thor (0.17.0)
    tilt (1.4.1)
    win32console (1.3.2)
    win32console (1.3.2-x86-mingw32)

PLATFORMS
  x86-mingw32

DEPENDENCIES
  bootstrap-sass
  byebug
  foreman
  haml
  pg
  puma
  rake
  sass
  sequel
  sinatra
  sinatra-contrib
  sqlite3
  thin
