GEM
  remote: https://rubygems.org/
  specs:
    backports (3.6.8)
    bootstrap-sass (3.1.1.1)
      sass (~> 3.2)
    byebug (5.0.0)
      columnize (= 0.9.0)
    columnize (0.9.0)
    daemons (1.2.4)
    dotenv (0.7.0)
    eventmachine (1.2.0.1)
    eventmachine (1.2.0.1-x86-mingw32)
    foreman (0.67.0)
      dotenv (~> 0.7.0)
      thor (~> 0.17.0)
    foreman (0.67.0-x86-mingw32)
      dotenv (~> 0.7.0)
      thor (~> 0.17.0)
      win32console (~> 1.3.0)
    haml (4.0.5)
      tilt
    mail (2.5.4)
      mime-types (~> 1.16)
      treetop (~> 1.4.8)
    mime-types (1.25.1)
    multi_json (1.12.1)
    pg (0.17.1)
    pg (0.17.1-x86-mingw32)
    polyglot (0.3.4)
    puma (2.8.2)
      rack (>= 1.1, < 2.0)
    rack (1.6.4)
    rack-protection (1.5.3)
      rack
    rack-test (0.6.3)
      rack (>= 1.0)
    rake (10.3.2)
    rufus-scheduler (3.0.3)
      tzinfo
    sass (3.3.7)
    sequel (4.10.0)
    sinatra (1.4.7)
      rack (~> 1.5)
      rack-protection (~> 1.4)
      tilt (>= 1.3, < 3)
    sinatra-contrib (1.4.7)
      backports (>= 2.0)
      multi_json
      rack-protection
      rack-test
      sinatra (~> 1.4.0)
      tilt (>= 1.3, < 3)
    sqlite3 (1.3.9)
    sqlite3 (1.3.9-x86-mingw32)
    thin (1.7.0)
      daemons (~> 1.0, >= 1.0.9)
      eventmachine (~> 1.0, >= 1.0.4)
      rack (>= 1, < 3)
    thor (0.17.0)
    thread_safe (0.3.3)
    tilt (2.0.5)
    treetop (1.4.15)
      polyglot
      polyglot (>= 0.3.1)
    tzinfo (1.2.0)
      thread_safe (~> 0.1)
    win32console (1.3.2-x86-mingw32)

PLATFORMS
  ruby
  x86-mingw32

DEPENDENCIES
  bootstrap-sass
  byebug
  dotenv
  foreman
  haml
  mail
  pg
  puma
  rake
  rufus-scheduler
  sass
  sequel
  sinatra
  sinatra-contrib
  sqlite3
  thin

RUBY VERSION
   ruby 2.3.1p112

BUNDLED WITH
   1.13.1
