GEM
  remote: https://rubygems.org/
  specs:
    autoprefixer-rails (9.7.3)
      execjs
    backports (3.6.8)
    bootstrap-sass (3.4.1)
      autoprefixer-rails (>= 5.2.1)
      sassc (>= 2.0.0)
    byebug (5.0.0)
      columnize (= 0.9.0)
    columnize (0.9.0)
    daemons (1.2.4)
    dotenv (0.7.0)
    eventmachine (1.2.0.1)
    eventmachine (1.2.0.1-x86-mingw32)
    execjs (2.7.0)
    ffi (1.11.3)
    ffi (1.11.3-x86-mingw32)
    foreman (0.67.0)
      dotenv (~> 0.7.0)
      thor (~> 0.17.0)
    foreman (0.67.0-x86-mingw32)
      dotenv (~> 0.7.0)
      thor (~> 0.17.0)
      win32console (~> 1.3.0)
    haml (5.1.2)
      temple (>= 0.8.0)
      tilt
    mail (2.7.0)
      mini_mime (>= 0.1.1)
    mini_mime (1.0.0)
    multi_json (1.12.1)
    nio4r (2.5.2)
    pg (0.17.1)
    pg (0.17.1-x86-mingw32)
    puma (4.3.1)
      nio4r (~> 2.0)
    rack (1.6.12)
    rack-protection (1.5.5)
      rack
    rack-test (0.6.3)
      rack (>= 1.0)
    rake (10.3.2)
    rb-fsevent (0.10.3)
    rb-inotify (0.10.1)
      ffi (~> 1.0)
    rufus-scheduler (3.0.3)
      tzinfo
    sass (3.7.4)
      sass-listen (~> 4.0.0)
    sass-listen (4.0.0)
      rb-fsevent (~> 0.9, >= 0.9.4)
      rb-inotify (~> 0.9, >= 0.9.7)
    sassc (2.2.1)
      ffi (~> 1.9)
    sassc (2.2.1-x86-mingw32)
      ffi (~> 1.9)
    sequel (4.10.0)
    sinatra (1.4.7)
      rack (~> 1.5)
      rack-protection (~> 1.4)
      tilt (>= 1.3, < 3)
    sinatra-contrib (1.4.7)
      backports (>= 2.0)
      multi_json
      rack-protection
      rack-test
      sinatra (~> 1.4.0)
      tilt (>= 1.3, < 3)
    sqlite3 (1.3.9)
    sqlite3 (1.3.9-x86-mingw32)
    temple (0.8.2)
    thin (1.7.0)
      daemons (~> 1.0, >= 1.0.9)
      eventmachine (~> 1.0, >= 1.0.4)
      rack (>= 1, < 3)
    thor (0.17.0)
    thread_safe (0.3.3)
    tilt (2.0.10)
    tzinfo (1.2.0)
      thread_safe (~> 0.1)
    win32console (1.3.2-x86-mingw32)

PLATFORMS
  ruby
  x86-mingw32

DEPENDENCIES
  bootstrap-sass
  byebug
  dotenv
  foreman
  haml
  mail
  pg
  puma
  rake
  rufus-scheduler
  sass
  sequel
  sinatra
  sinatra-contrib
  sqlite3
  thin

RUBY VERSION
   ruby 2.3.1p112

BUNDLED WITH
   1.16.1
